GEM
  specs:
    mini_portile2 (2.4.0)
    nokogiri (1.10.7)
      mini_portile2 (~> 2.4.0)

PLATFORMS
  ruby

DEPENDENCIES
  nokogiri (~> 1.6, >= 1.6.8)

BUNDLED WITH
   2.0.1
